PATH
  remote: .
  specs:
    ruby_example (0.0.0)
      dotenv
      dry-cli (~> 1.0)
      dry-logger
      refinements (~> 12.0)
      runcom (~> 11.0)
      zeitwerk (~> 2.6)

GEM
  remote: https://rubygems.org/
  specs:
    amazing_print (1.5.0)
    ast (2.4.2)
    bigdecimal (3.1.6)
    coderay (1.1.3)
    cogger (0.16.0)
      core (~> 1.0)
      refinements (~> 12.0)
      tone (~> 1.0)
      zeitwerk (~> 2.6)
    concurrent-ruby (1.2.3)
    core (1.1.0)
    debug (1.9.1)
      irb (~> 1.10)
      reline (>= 0.3.8)
    diff-lcs (1.5.0)
    dotenv (3.1.0)
    dry-cli (1.0.0)
    dry-configurable (1.1.0)
      dry-core (~> 1.0, < 2)
      zeitwerk (~> 2.6)
    dry-container (0.11.0)
      concurrent-ruby (~> 1.0)
    dry-core (1.0.1)
      concurrent-ruby (~> 1.0)
      zeitwerk (~> 2.6)
    dry-inflector (1.0.0)
    dry-initializer (3.1.1)
    dry-logger (1.0.3)
    dry-logic (1.5.0)
      concurrent-ruby (~> 1.0)
      dry-core (~> 1.0, < 2)
      zeitwerk (~> 2.6)
    dry-monads (1.6.0)
      concurrent-ruby (~> 1.0)
      dry-core (~> 1.0, < 2)
      zeitwerk (~> 2.6)
    dry-schema (1.13.3)
      concurrent-ruby (~> 1.0)
      dry-configurable (~> 1.0, >= 1.0.1)
      dry-core (~> 1.0, < 2)
      dry-initializer (~> 3.0)
      dry-logic (>= 1.4, < 2)
      dry-types (>= 1.7, < 2)
      zeitwerk (~> 2.6)
    dry-types (1.7.2)
      bigdecimal (~> 3.0)
      concurrent-ruby (~> 1.0)
      dry-core (~> 1.0)
      dry-inflector (~> 1.0)
      dry-logic (~> 1.4)
      zeitwerk (~> 2.6)
    etcher (1.1.0)
      cogger (~> 0.15)
      core (~> 1.0)
      dry-monads (~> 1.6)
      dry-types (~> 1.7)
      refinements (~> 12.0)
      versionaire (~> 13.0)
      zeitwerk (~> 2.6)
    ffi (1.16.3)
    formatador (1.1.0)
    git-lint (7.0.0)
      cogger (~> 0.15)
      core (~> 1.0)
      dry-container (~> 0.11)
      dry-monads (~> 1.6)
      dry-schema (~> 1.13)
      etcher (~> 1.0)
      gitt (~> 3.0)
      infusible (~> 3.0)
      refinements (~> 12.0)
      runcom (~> 11.0)
      sod (~> 0.4)
      spek (~> 3.0)
      tone (~> 1.0)
      zeitwerk (~> 2.6)
    gitt (3.1.1)
      core (~> 1.0)
      dry-monads (~> 1.6)
      refinements (~> 12.0)
      zeitwerk (~> 2.6)
    guard (2.18.1)
      formatador (>= 0.2.4)
      listen (>= 2.7, < 4.0)
      lumberjack (>= 1.0.12, < 2.0)
      nenv (~> 0.1)
      notiffany (~> 0.0)
      pry (>= 0.13.0)
      shellany (~> 0.0)
      thor (>= 0.18.1)
    guard-compat (1.2.1)
    guard-rspec (4.7.3)
      guard (~> 2.1)
      guard-compat (~> 1.1)
      rspec (>= 2.99.0, < 4.0)
    infusible (3.2.0)
      marameters (~> 3.0)
      zeitwerk (~> 2.6)
    io-console (0.7.2)
    irb (1.11.1)
      rdoc
      reline (>= 0.4.2)
    json (2.7.1)
    language_server-protocol (3.17.0.3)
    listen (3.8.0)
      rb-fsevent (~> 0.10, >= 0.10.3)
      rb-inotify (~> 0.9, >= 0.9.10)
    lumberjack (1.2.10)
    marameters (3.1.0)
      refinements (~> 12.0)
      zeitwerk (~> 2.6)
    method_source (1.0.0)
    nenv (0.3.0)
    notiffany (0.1.3)
      nenv (~> 0.1)
      shellany (~> 0.0)
    parallel (1.24.0)
    parser (3.3.0.5)
      ast (~> 2.4.1)
      racc
    pry (0.14.2)
      coderay (~> 1.1)
      method_source (~> 1.0)
    psych (5.1.2)
      stringio
    racc (1.7.3)
    rainbow (3.1.1)
    rake (13.1.0)
    rb-fsevent (0.11.2)
    rb-inotify (0.10.1)
      ffi (~> 1.0)
    rdoc (6.6.2)
      psych (>= 4.0.0)
    reek (6.3.0)
      dry-schema (~> 1.13.0)
      parser (~> 3.3.0)
      rainbow (>= 2.0, < 4.0)
      rexml (~> 3.1)
    refinements (12.1.0)
    regexp_parser (2.9.0)
    reline (0.4.2)
      io-console (~> 0.5)
    rexml (3.2.6)
    rspec (3.12.0)
      rspec-core (~> 3.12.0)
      rspec-expectations (~> 3.12.0)
      rspec-mocks (~> 3.12.0)
    rspec-core (3.12.2)
      rspec-support (~> 3.12.0)
    rspec-expectations (3.12.3)
      diff-lcs (>= 1.2.0, < 2.0)
      rspec-support (~> 3.12.0)
    rspec-mocks (3.12.6)
      diff-lcs (>= 1.2.0, < 2.0)
      rspec-support (~> 3.12.0)
    rspec-support (3.12.1)
    rubocop (1.61.0)
      json (~> 2.3)
      language_server-protocol (>= 3.17.0)
      parallel (~> 1.10)
      parser (>= 3.3.0.2)
      rainbow (>= 2.2.2, < 4.0)
      regexp_parser (>= 1.8, < 3.0)
      rexml (>= 3.2.5, < 4.0)
      rubocop-ast (>= 1.30.0, < 2.0)
      ruby-progressbar (~> 1.7)
      unicode-display_width (>= 2.4.0, < 3.0)
    rubocop-ast (1.31.1)
      parser (>= 3.3.0.4)
    rubocop-shopify (2.15.1)
      rubocop (~> 1.51)
    ruby-progressbar (1.13.0)
    runcom (11.1.0)
      refinements (~> 12.0)
      xdg (~> 8.0)
      zeitwerk (~> 2.6)
    shellany (0.0.1)
    sod (0.5.0)
      cogger (~> 0.16)
      dry-container (~> 0.11)
      infusible (~> 3.0)
      refinements (~> 12.0)
      tone (~> 1.0)
      zeitwerk (~> 2.6)
    spek (3.1.0)
      dry-monads (~> 1.6)
      refinements (~> 12.0)
      versionaire (~> 13.0)
      zeitwerk (~> 2.6)
    stringio (3.1.0)
    thor (1.3.0)
    tocer (17.0.0)
      cogger (~> 0.15)
      core (~> 1.0)
      dry-container (~> 0.11)
      dry-schema (~> 1.13)
      etcher (~> 1.0)
      infusible (~> 3.0)
      refinements (~> 12.0)
      runcom (~> 11.0)
      sod (~> 0.4)
      spek (~> 3.0)
      zeitwerk (~> 2.6)
    tone (1.1.0)
      refinements (~> 12.0)
      zeitwerk (~> 2.6)
    unicode-display_width (2.5.0)
    versionaire (13.1.0)
      refinements (~> 12.0)
    xdg (8.1.0)
    zeitwerk (2.6.13)

PLATFORMS
  aarch64-linux
  arm-linux
  arm64-darwin
  x86-linux
  x86_64-darwin
  x86_64-linux

DEPENDENCIES
  amazing_print (~> 1.5)
  debug (~> 1.9)
  git-lint (~> 7.0)
  guard-rspec (~> 4.7)
  irb
  rake (~> 13.1)
  reek (~> 6.3)
  rspec (~> 3.12)
  rubocop
  rubocop-shopify
  ruby_example!
  tocer (~> 17.0)

RUBY VERSION
   ruby 3.3.0p0

BUNDLED WITH
   2.5.5
