PATH
  remote: .
  specs:
    ruby_example (0.0.0)
      dotenv
      dry-cli (~> 1.1)
      dry-logger
      refinements
      runcom
      zeitwerk

GEM
  remote: https://rubygems.org/
  specs:
    amazing_print (1.7.2)
    ast (2.4.2)
    bigdecimal (3.1.9)
    coderay (1.1.3)
    cogger (1.1.0)
      core (~> 2.0)
      logger (~> 1.6)
      refinements (~> 13.0)
      tone (~> 2.0)
      zeitwerk (~> 2.7)
    concurrent-ruby (1.3.5)
    containable (1.1.0)
      concurrent-ruby (~> 1.3)
    core (2.1.0)
    date (3.4.1)
    debug (1.10.0)
      irb (~> 1.10)
      reline (>= 0.3.8)
    diff-lcs (1.6.0)
    docile (1.4.1)
    dotenv (3.1.7)
    dry-cli (1.2.0)
    dry-configurable (1.3.0)
      dry-core (~> 1.1)
      zeitwerk (~> 2.6)
    dry-core (1.1.0)
      concurrent-ruby (~> 1.0)
      logger
      zeitwerk (~> 2.6)
    dry-inflector (1.2.0)
    dry-initializer (3.2.0)
    dry-logger (1.0.4)
    dry-logic (1.6.0)
      bigdecimal
      concurrent-ruby (~> 1.0)
      dry-core (~> 1.1)
      zeitwerk (~> 2.6)
    dry-monads (1.8.1)
      concurrent-ruby (~> 1.0)
      dry-core (~> 1.1)
      zeitwerk (~> 2.6)
    dry-schema (1.13.4)
      concurrent-ruby (~> 1.0)
      dry-configurable (~> 1.0, >= 1.0.1)
      dry-core (~> 1.0, < 2)
      dry-initializer (~> 3.0)
      dry-logic (>= 1.4, < 2)
      dry-types (>= 1.7, < 2)
      zeitwerk (~> 2.6)
    dry-types (1.8.2)
      bigdecimal (~> 3.0)
      concurrent-ruby (~> 1.0)
      dry-core (~> 1.0)
      dry-inflector (~> 1.0)
      dry-logic (~> 1.4)
      zeitwerk (~> 2.6)
    etcher (3.1.0)
      cogger (~> 1.0)
      core (~> 2.0)
      dry-monads (~> 1.6)
      dry-types (~> 1.7)
      refinements (~> 13.0)
      versionaire (~> 14.0)
      zeitwerk (~> 2.7)
    ffi (1.17.1-aarch64-linux-gnu)
    ffi (1.17.1-arm-linux-gnu)
    ffi (1.17.1-arm64-darwin)
    ffi (1.17.1-x86-linux-gnu)
    ffi (1.17.1-x86_64-darwin)
    ffi (1.17.1-x86_64-linux-gnu)
    formatador (1.1.0)
    git-lint (9.1.0)
      cogger (~> 1.0)
      containable (~> 1.1)
      core (~> 2.0)
      dry-monads (~> 1.6)
      dry-schema (~> 1.13)
      etcher (~> 3.0)
      gitt (~> 4.1)
      infusible (~> 4.0)
      refinements (~> 13.0)
      runcom (~> 12.0)
      sod (~> 1.0)
      spek (~> 4.0)
      tone (~> 2.0)
      zeitwerk (~> 2.7)
    gitt (4.2.0)
      core (~> 2.0)
      dry-monads (~> 1.6)
      refinements (~> 13.0)
      zeitwerk (~> 2.7)
    guard (2.19.1)
      formatador (>= 0.2.4)
      listen (>= 2.7, < 4.0)
      logger (~> 1.6)
      lumberjack (>= 1.0.12, < 2.0)
      nenv (~> 0.1)
      notiffany (~> 0.0)
      ostruct (~> 0.6)
      pry (>= 0.13.0)
      shellany (~> 0.0)
      thor (>= 0.18.1)
    guard-compat (1.2.1)
    guard-rspec (4.7.3)
      guard (~> 2.1)
      guard-compat (~> 1.1)
      rspec (>= 2.99.0, < 4.0)
    infusible (4.2.0)
      marameters (~> 4.1)
    io-console (0.8.0)
    irb (1.15.1)
      pp (>= 0.6.0)
      rdoc (>= 4.0.0)
      reline (>= 0.4.2)
    json (2.10.2)
    language_server-protocol (3.17.0.4)
    lint_roller (1.1.0)
    listen (3.9.0)
      rb-fsevent (~> 0.10, >= 0.10.3)
      rb-inotify (~> 0.9, >= 0.9.10)
    logger (1.6.6)
    lumberjack (1.2.10)
    marameters (4.2.0)
      refinements (~> 13.0)
      zeitwerk (~> 2.7)
    method_source (1.1.0)
    nenv (0.3.0)
    notiffany (0.1.3)
      nenv (~> 0.1)
      shellany (~> 0.0)
    optparse (0.6.0)
    ostruct (0.6.1)
    parallel (1.26.3)
    parser (3.3.7.1)
      ast (~> 2.4.1)
      racc
    pp (0.6.2)
      prettyprint
    prettyprint (0.2.0)
    pry (0.15.2)
      coderay (~> 1.1)
      method_source (~> 1.0)
    psych (5.2.3)
      date
      stringio
    racc (1.8.1)
    rainbow (3.1.1)
    rake (13.2.1)
    rb-fsevent (0.11.2)
    rb-inotify (0.11.1)
      ffi (~> 1.0)
    rdoc (6.12.0)
      psych (>= 4.0.0)
    reek (6.4.0)
      dry-schema (~> 1.13.0)
      logger (~> 1.6)
      parser (~> 3.3.0)
      rainbow (>= 2.0, < 4.0)
      rexml (~> 3.1)
    refinements (13.1.0)
    regexp_parser (2.10.0)
    reline (0.6.0)
      io-console (~> 0.5)
    rexml (3.4.1)
    rspec (3.13.0)
      rspec-core (~> 3.13.0)
      rspec-expectations (~> 3.13.0)
      rspec-mocks (~> 3.13.0)
    rspec-core (3.13.3)
      rspec-support (~> 3.13.0)
    rspec-expectations (3.13.3)
      diff-lcs (>= 1.2.0, < 2.0)
      rspec-support (~> 3.13.0)
    rspec-mocks (3.13.2)
      diff-lcs (>= 1.2.0, < 2.0)
      rspec-support (~> 3.13.0)
    rspec-support (3.13.2)
    rubocop (1.74.0)
      json (~> 2.3)
      language_server-protocol (~> 3.17.0.2)
      lint_roller (~> 1.1.0)
      parallel (~> 1.10)
      parser (>= 3.3.0.2)
      rainbow (>= 2.2.2, < 4.0)
      regexp_parser (>= 2.9.3, < 3.0)
      rubocop-ast (>= 1.38.0, < 2.0)
      ruby-progressbar (~> 1.7)
      unicode-display_width (>= 2.4.0, < 4.0)
    rubocop-ast (1.38.1)
      parser (>= 3.3.1.0)
    rubocop-shopify (2.16.0)
      rubocop (~> 1.62)
    ruby-progressbar (1.13.0)
    runcom (12.1.0)
      refinements (~> 13.0)
      xdg (~> 9.0)
      zeitwerk (~> 2.7)
    shellany (0.0.1)
    simplecov (0.22.0)
      docile (~> 1.1)
      simplecov-html (~> 0.11)
      simplecov_json_formatter (~> 0.1)
    simplecov-html (0.13.1)
    simplecov_json_formatter (0.1.4)
    sod (1.1.0)
      cogger (~> 1.0)
      containable (~> 1.1)
      infusible (~> 4.0)
      optparse (~> 0.6)
      refinements (~> 13.0)
      tone (~> 2.0)
      zeitwerk (~> 2.7)
    spek (4.1.0)
      core (~> 2.0)
      dry-monads (~> 1.6)
      refinements (~> 13.0)
      versionaire (~> 14.0)
      zeitwerk (~> 2.7)
    stringio (3.1.5)
    thor (1.3.2)
    tocer (19.1.0)
      cogger (~> 1.0)
      containable (~> 1.1)
      core (~> 2.0)
      dry-schema (~> 1.13)
      etcher (~> 3.0)
      infusible (~> 4.0)
      refinements (~> 13.0)
      runcom (~> 12.0)
      sod (~> 1.0)
      spek (~> 4.0)
      zeitwerk (~> 2.7)
    tone (2.2.0)
      refinements (~> 13.0)
      zeitwerk (~> 2.7)
    unicode-display_width (3.1.4)
      unicode-emoji (~> 4.0, >= 4.0.4)
    unicode-emoji (4.0.4)
    versionaire (14.1.0)
      refinements (~> 13.0)
    xdg (9.1.0)
    zeitwerk (2.7.2)

PLATFORMS
  aarch64-linux
  arm-linux
  arm64-darwin
  x86-linux
  x86_64-darwin
  x86_64-linux

DEPENDENCIES
  amazing_print
  debug
  git-lint
  guard-rspec
  irb
  rake
  reek
  rspec
  rubocop
  rubocop-shopify
  ruby_example!
  simplecov
  tocer

RUBY VERSION
   ruby 3.4.2p28

BUNDLED WITH
   2.5.6
